GEM
  remote: https://rubygems.org/
  specs:
    daemons (1.1.9)
    dbd-mysql (0.4.4)
      dbi (>= 0.4.0)
      mysql
    dbi (0.4.5)
      deprecated (= 2.0.1)
    deprecated (2.0.1)
    eventmachine (1.0.3)
    hitimes (1.2.2)
    json (1.8.1)
    mysql (2.9.1)
    rack (1.5.2)
    rack-protection (1.5.3)
      rack
    sinatra (1.4.5)
      rack (~> 1.4)
      rack-protection (~> 1.4)
      tilt (~> 1.3, >= 1.3.4)
    slack-notifier (0.6.0)
    thin (1.6.2)
      daemons (>= 1.0.9)
      eventmachine (>= 1.0.0)
      rack (>= 1.0.0)
    tilt (1.4.1)
    timers (4.0.1)
      hitimes

PLATFORMS
  ruby

DEPENDENCIES
  dbd-mysql
  dbi
  json
  rack
  sinatra
  slack-notifier
  thin
  timers
